GEM
  remote: https://rubygems.org/
  specs:
    coderay (1.1.3)
    method_source (1.0.0)
    pry (0.13.1)
      coderay (~> 1.1)
      method_source (~> 1.0)
    sqlite (1.0.2)

PLATFORMS
  ruby

DEPENDENCIES
  pry
  sqlite

BUNDLED WITH
   2.1.4
